PATH
  remote: .
  specs:
    termite (0.0.3)
      multi_json

GEM
  remote: http://rubygems.org/
  specs:
    minitest (2.3.0)
    mocha (0.9.12)
    multi_json (1.0.3)
    rake (0.9.2)
    scope (0.2.1)
      minitest

PLATFORMS
  ruby

DEPENDENCIES
  bundler (~> 1.0.10)
  mocha
  rake
  scope (~> 0.2.1)
  termite!
