PATH
  remote: .
  specs:
    termite (0.0.14)
      ecology (~> 0.0.6)
      multi_json
      rainbow (~> 1.1.3)

GEM
  remote: http://rubygems.org/
  remote: http://gems.sv2/
  specs:
    ecology (0.0.17)
      erubis
      multi_json
    erubis (2.7.0)
    minitest (2.3.0)
    mocha (0.9.12)
    multi_json (1.1.0)
    rainbow (1.1.3)
    rake (0.9.2)
    scope (0.2.1)
      minitest

PLATFORMS
  ruby

DEPENDENCIES
  bundler (~> 1.0.10)
  mocha
  rake
  scope (~> 0.2.1)
  termite!
